GIT
  remote: git://github.com/culturecode/acts_as_relatable.git
  revision: 2e56c69cd66b532d2f1dfe0d3887efae6107cf48
  specs:
    acts_as_relatable (0.0.5)
      activesupport (~> 3.0)

GIT
  remote: git://github.com/rrn/acts_as_dag.git
  revision: 6de4b6d1dfad6361c82ea41c6aaab36d2a7fa515
  specs:
    acts_as_dag (1.1.1)

GIT
  remote: git://github.com/sunspot/sunspot.git
  revision: 701af455469715f3b4c104aaa155307013cc0428
  specs:
    sunspot (2.0.0)
      pr_geohash (~> 1.0)
      rsolr (~> 1.0.7)
    sunspot_rails (2.0.0)
      nokogiri
      sunspot (= 2.0.0)
    sunspot_solr (2.0.0)

GIT
  remote: git@github.com:culturecode/crier.git
  revision: c2caed7bc695cb9fafd3db80d27f40192b82e41e
  specs:
    crier (0.0.1)
      rails (~> 3.1)

GIT
  remote: git@github.com:culturecode/easy_menu.git
  revision: dae7f6c8156fc90700edc1ae3a654cfa6b565b67
  specs:
    easy_menu (0.2.2)

GIT
  remote: git@github.com:culturecode/glint.git
  revision: 9144a64745ad3429e57ca6fac279ad1a64f1ae3c
  specs:
    glint (1.4.1)
      rails (~> 3.1)
      sunspot_rails (= 2.0.0)

GIT
  remote: git@github.com:culturecode/popup_gallery.git
  revision: ebb8830b95a1a24bc259feaacfea6ffcbfc36f9a
  specs:
    popup_gallery (0.0.1)
      jquery-rails
      jquery-ui-rails
      rails (~> 3.1)

GEM
  remote: http://rubygems.org/
  specs:
    actionmailer (3.2.13)
      actionpack (= 3.2.13)
      mail (~> 2.5.3)
    actionpack (3.2.13)
      activemodel (= 3.2.13)
      activesupport (= 3.2.13)
      builder (~> 3.0.0)
      erubis (~> 2.7.0)
      journey (~> 1.0.4)
      rack (~> 1.4.5)
      rack-cache (~> 1.2)
      rack-test (~> 0.6.1)
      sprockets (~> 2.2.1)
    activemodel (3.2.13)
      activesupport (= 3.2.13)
      builder (~> 3.0.0)
    activerecord (3.2.13)
      activemodel (= 3.2.13)
      activesupport (= 3.2.13)
      arel (~> 3.0.2)
      tzinfo (~> 0.3.29)
    activeresource (3.2.13)
      activemodel (= 3.2.13)
      activesupport (= 3.2.13)
    activesupport (3.2.13)
      i18n (= 0.6.1)
      multi_json (~> 1.0)
    arel (3.0.2)
    bcrypt-ruby (3.0.1)
    builder (3.0.4)
    daemons (1.1.9)
    devise (2.2.4)
      bcrypt-ruby (~> 3.0)
      orm_adapter (~> 0.1)
      railties (~> 3.1)
      warden (~> 1.2.1)
    devise_invitable (1.1.8)
      actionmailer (~> 3.0)
      devise (>= 2.1.2)
      railties (~> 3.0)
    erubis (2.7.0)
    eventmachine (1.0.3)
    execjs (1.4.0)
      multi_json (~> 1.0)
    geocoder (1.1.8)
    has_scope (0.5.1)
    hike (1.2.2)
    i18n (0.6.1)
    inherited_resources (1.4.0)
      has_scope (~> 0.5.0)
      responders (~> 0.9)
    journey (1.0.4)
    jquery-rails (2.2.1)
      railties (>= 3.0, < 5.0)
      thor (>= 0.14, < 2.0)
    jquery-ui-rails (4.0.2)
      jquery-rails
      railties (>= 3.1.0)
    json (1.8.0)
    kaminari (0.14.1)
      actionpack (>= 3.0.0)
      activesupport (>= 3.0.0)
    libv8 (3.11.8.17)
    mail (2.5.4)
      mime-types (~> 1.16)
      treetop (~> 1.4.8)
    mime-types (1.23)
    multi_json (1.7.3)
    mysql2 (0.3.11)
    nokogiri (1.5.9)
    orm_adapter (0.4.0)
    polyglot (0.3.3)
    pr_geohash (1.0.0)
    rack (1.4.5)
    rack-cache (1.2)
      rack (>= 0.4)
    rack-ssl (1.3.3)
      rack
    rack-test (0.6.2)
      rack (>= 1.0)
    rails (3.2.13)
      actionmailer (= 3.2.13)
      actionpack (= 3.2.13)
      activerecord (= 3.2.13)
      activeresource (= 3.2.13)
      activesupport (= 3.2.13)
      bundler (~> 1.0)
      railties (= 3.2.13)
    railties (3.2.13)
      actionpack (= 3.2.13)
      activesupport (= 3.2.13)
      rack-ssl (~> 1.3.2)
      rake (>= 0.8.7)
      rdoc (~> 3.4)
      thor (>= 0.14.6, < 2.0)
    rake (10.0.4)
    rdoc (3.12.2)
      json (~> 1.4)
    ref (1.0.4)
    responders (0.9.3)
      railties (~> 3.1)
    rsolr (1.0.9)
      builder (>= 2.1.2)
    rubyzip (0.9.9)
    sass (3.2.9)
    sass-rails (3.2.6)
      railties (~> 3.2.0)
      sass (>= 3.1.10)
      tilt (~> 1.3)
    simple_form (2.1.0)
      actionpack (~> 3.0)
      activemodel (~> 3.0)
    sprockets (2.2.2)
      hike (~> 1.2)
      multi_json (~> 1.0)
      rack (~> 1.0)
      tilt (~> 1.1, != 1.3.0)
    tabletastic (0.2.3)
      activesupport (~> 3.0)
    therubyracer (0.11.4)
      libv8 (~> 3.11.8.12)
      ref
    thin (1.5.1)
      daemons (>= 1.0.9)
      eventmachine (>= 0.12.6)
      rack (>= 1.0.0)
    thor (0.18.1)
    tilt (1.4.1)
    treetop (1.4.12)
      polyglot
      polyglot (>= 0.3.1)
    tzinfo (0.3.37)
    uglifier (2.1.0)
      execjs (>= 0.3.0)
      multi_json (~> 1.0, >= 1.0.2)
    warden (1.2.1)
      rack (>= 1.0)

PLATFORMS
  ruby

DEPENDENCIES
  acts_as_dag!
  acts_as_relatable!
  crier!
  devise
  devise_invitable
  easy_menu!
  geocoder
  glint!
  inherited_resources
  jquery-rails
  jquery-ui-rails
  kaminari
  mysql2 (>= 0.3)
  popup_gallery!
  rails (~> 3.2.3)
  rubyzip
  sass-rails
  simple_form
  sunspot_solr!
  tabletastic
  therubyracer
  thin
  uglifier
